PATH
  remote: .
  specs:
    geordi (2.12.1)
      thor (~> 0.18.0)

GEM
  remote: http://rubygems.org/
  specs:
    addressable (2.3.8)
    aruba (0.8.1)
      childprocess (~> 0.5.6)
      contracts (~> 0.9)
      cucumber (>= 1.3.19)
      rspec-expectations (>= 2.99)
    builder (3.2.4)
    childprocess (0.5.9)
      ffi (~> 1.0, >= 1.0.11)
    contracts (0.9)
    cucumber (1.3.20)
      builder (>= 2.1.2)
      diff-lcs (>= 1.1.3)
      gherkin (~> 2.12)
      multi_json (>= 1.7.5, < 2.0)
      multi_test (>= 0.1.2)
    diff-lcs (1.2.5)
    ffi (1.9.18)
    gherkin (2.12.2)
      multi_json (~> 1.3)
    highline (1.6.21)
    launchy (2.4.3)
      addressable (~> 2.3)
    multi_json (1.15.0)
    multi_test (0.1.2)
    parallel (0.5.16)
    parallel_tests (0.6.18)
      parallel
    rspec-expectations (3.4.0)
      diff-lcs (>= 1.2.0, < 2.0)
      rspec-support (~> 3.4.0)
    rspec-mocks (3.4.1)
      diff-lcs (>= 1.2.0, < 2.0)
      rspec-support (~> 3.4.0)
    rspec-support (3.4.1)
    thor (0.18.1)

PLATFORMS
  ruby

DEPENDENCIES
  aruba
  contracts (= 0.9)
  geordi!
  highline
  launchy
  parallel_tests
  rspec-mocks

BUNDLED WITH
   1.17.3
