PATH
  remote: .
  specs:
    geordi (12.2.0)
      thor (~> 1)

GEM
  remote: http://rubygems.org/
  specs:
    abbrev (0.1.2)
    addressable (2.7.0)
      public_suffix (>= 2.0.2, < 5.0)
    aruba (0.14.14)
      childprocess (>= 0.6.3, < 4.0.0)
      contracts (~> 0.9)
      cucumber (>= 1.3.19)
      ffi (~> 1.9)
      rspec-expectations (>= 2.99)
      thor (>= 0.19, < 2.0)
    bigdecimal (3.1.9)
    builder (3.3.0)
    byebug (11.1.3)
    childprocess (1.0.1)
      rake (< 13.0)
    coderay (1.1.3)
    contracts (0.16.0)
    cucumber (9.2.1)
      builder (~> 3.2)
      cucumber-ci-environment (> 9, < 11)
      cucumber-core (> 13, < 14)
      cucumber-cucumber-expressions (~> 17.0)
      cucumber-gherkin (> 24, < 28)
      cucumber-html-formatter (> 20.3, < 22)
      cucumber-messages (> 19, < 25)
      diff-lcs (~> 1.5)
      mini_mime (~> 1.1)
      multi_test (~> 1.1)
      sys-uname (~> 1.2)
    cucumber-ci-environment (10.0.1)
    cucumber-core (13.0.3)
      cucumber-gherkin (>= 27, < 28)
      cucumber-messages (>= 20, < 23)
      cucumber-tag-expressions (> 5, < 7)
    cucumber-cucumber-expressions (17.1.0)
      bigdecimal
    cucumber-gherkin (27.0.0)
      cucumber-messages (>= 19.1.4, < 23)
    cucumber-html-formatter (21.9.0)
      cucumber-messages (> 19, < 28)
    cucumber-messages (22.0.0)
    cucumber-tag-expressions (6.1.2)
    diff-lcs (1.6.0)
    ffi (1.12.2)
    highline (2.1.0)
    launchy (2.5.0)
      addressable (~> 2.7)
    method_source (1.1.0)
    mini_mime (1.1.5)
    multi_test (1.1.0)
    parallel (1.19.2)
    parallel_tests (4.7.1)
      parallel
    pry (0.14.2)
      coderay (~> 1.1)
      method_source (~> 1.0)
    pry-byebug (3.10.1)
      byebug (~> 11.0)
      pry (>= 0.13, < 0.15)
    public_suffix (3.1.1)
    rake (12.3.3)
    rspec (3.10.0)
      rspec-core (~> 3.10.0)
      rspec-expectations (~> 3.10.0)
      rspec-mocks (~> 3.10.0)
    rspec-core (3.10.1)
      rspec-support (~> 3.10.0)
    rspec-expectations (3.10.0)
      diff-lcs (>= 1.2.0, < 2.0)
      rspec-support (~> 3.10.0)
    rspec-mocks (3.10.2)
      diff-lcs (>= 1.2.0, < 2.0)
      rspec-support (~> 3.10.0)
    rspec-support (3.10.0)
    sys-uname (1.3.1)
      ffi (~> 1.1)
    thor (1.3.2)

PLATFORMS
  ruby

DEPENDENCIES
  abbrev
  aruba (< 1)
  cucumber (~> 9)
  geordi!
  highline
  launchy
  parallel_tests
  pry-byebug
  rake (< 13)
  rspec

BUNDLED WITH
   2.4.22
