PATH
  remote: .
  specs:
    geordi (2.7.0)
      thor (>= 0.18.0)

GEM
  remote: http://rubygems.org/
  specs:
    addressable (2.3.8)
    aruba (0.6.2)
      childprocess (>= 0.3.6)
      cucumber (>= 1.1.1)
      rspec-expectations (>= 2.7.0)
    axiom-types (0.1.1)
      descendants_tracker (~> 0.0.4)
      ice_nine (~> 0.11.0)
      thread_safe (~> 0.3, >= 0.3.1)
    builder (3.2.3)
    childprocess (1.0.1)
      rake (< 13.0)
    coercible (1.0.0)
      descendants_tracker (~> 0.0.1)
    cucumber (1.3.20)
      builder (>= 2.1.2)
      diff-lcs (>= 1.1.3)
      gherkin (~> 2.12)
      multi_json (>= 1.7.5, < 2.0)
      multi_test (>= 0.1.2)
    declarative (0.0.10)
    declarative-option (0.1.0)
    descendants_tracker (0.0.4)
      thread_safe (~> 0.3, >= 0.3.1)
    diff-lcs (1.2.5)
    equalizer (0.0.11)
    excon (0.71.0)
    faraday (0.17.0)
      multipart-post (>= 1.2, < 3)
    faraday_middleware (0.13.1)
      faraday (>= 0.7.4, < 1.0)
    gherkin (2.12.2)
      multi_json (~> 1.3)
    highline (1.6.21)
    ice_nine (0.11.2)
    launchy (2.4.3)
      addressable (~> 2.3)
    mimemagic (0.3.3)
    multi_json (1.13.1)
    multi_test (0.1.2)
    multipart-post (2.1.1)
    parallel (0.5.16)
    parallel_tests (0.6.18)
      parallel
    rake (10.5.0)
    representable (3.0.4)
      declarative (< 0.1.0)
      declarative-option (< 0.2.0)
      uber (< 0.2.0)
    rspec-expectations (3.4.0)
      diff-lcs (>= 1.2.0, < 2.0)
      rspec-support (~> 3.4.0)
    rspec-mocks (3.4.1)
      diff-lcs (>= 1.2.0, < 2.0)
      rspec-support (~> 3.4.0)
    rspec-support (3.4.1)
    thor (0.20.3)
    thread_safe (0.3.6)
    tracker_api (1.10.0)
      addressable
      equalizer
      excon
      faraday
      faraday_middleware
      mimemagic
      multi_json
      representable
      virtus
    uber (0.1.0)
    virtus (1.0.5)
      axiom-types (~> 0.1)
      coercible (~> 1.0)
      descendants_tracker (~> 0.0, >= 0.0.3)
      equalizer (~> 0.0, >= 0.0.9)

PLATFORMS
  ruby

DEPENDENCIES
  aruba
  geordi!
  highline
  launchy
  parallel_tests
  rspec-mocks
  tracker_api

BUNDLED WITH
   1.17.3
